PATH
  remote: .
  specs:
    rspec-server_helpers (0.1.0)
      arel (~> 9.0.0)
      async (~> 1.24.2)
      async-io (~> 1.27.3)
      async-process (~> 1.2.0)
      rspec (~> 3.9)

GEM
  remote: https://rubygems.org/
  specs:
    arel (9.0.0)
    async (1.24.2)
      console (~> 1.0)
      nio4r (~> 2.3)
      timers (~> 4.1)
    async-io (1.27.3)
      async (~> 1.14)
    async-process (1.2.0)
      async (~> 1.0)
      async-io (~> 1.0)
    coderay (1.1.2)
    console (1.8.2)
    diff-lcs (1.3)
    method_source (0.9.2)
    nio4r (2.5.2)
    pry (0.12.2)
      coderay (~> 1.1.0)
      method_source (~> 0.9.0)
    rake (12.3.3)
    rspec (3.9.0)
      rspec-core (~> 3.9.0)
      rspec-expectations (~> 3.9.0)
      rspec-mocks (~> 3.9.0)
    rspec-core (3.9.1)
      rspec-support (~> 3.9.1)
    rspec-expectations (3.9.0)
      diff-lcs (>= 1.2.0, < 2.0)
      rspec-support (~> 3.9.0)
    rspec-mocks (3.9.1)
      diff-lcs (>= 1.2.0, < 2.0)
      rspec-support (~> 3.9.0)
    rspec-support (3.9.2)
    timers (4.3.0)

PLATFORMS
  ruby

DEPENDENCIES
  pry (~> 0.12.2)
  rake (~> 12.0)
  rspec (~> 3.0)
  rspec-server_helpers!

BUNDLED WITH
   2.1.4
